GEM
  remote: http://rubygems.org/
  specs:
    activemodel (4.0.4)
      activesupport (= 4.0.4)
      builder (~> 3.1.0)
    activesupport (4.0.4)
      i18n (~> 0.6, >= 0.6.9)
      minitest (~> 4.2)
      multi_json (~> 1.3)
      thread_safe (~> 0.1)
      tzinfo (~> 0.3.37)
    addressable (2.5.0)
      public_suffix (~> 2.0, >= 2.0.2)
    api_cache (0.2.3)
    atomic (1.1.16)
    awesome_print (1.1.0)
    builder (3.1.4)
    coderay (1.0.8)
    diff-lcs (1.1.3)
    factory_girl (2.3.2)
      activesupport
    guard (1.5.4)
      listen (>= 0.4.2)
      lumberjack (>= 1.0.2)
      pry (>= 0.9.10)
      thor (>= 0.14.6)
    guard-bundler (1.0.0)
      bundler (~> 1.0)
      guard (~> 1.1)
    guard-rspec (2.3.1)
      guard (>= 1.1)
      rspec (~> 2.11)
    i18n (0.6.9)
    json (1.8.2)
    listen (0.6.0)
    lumberjack (1.0.2)
    method_source (0.8.1)
    mime-types (2.2)
    minitest (4.7.5)
    moneta (0.7.6)
    multi_json (1.9.2)
    oauth (0.4.7)
    pry (0.9.10)
      coderay (~> 1.0.5)
      method_source (~> 0.8)
      slop (~> 3.3.1)
    public_suffix (2.0.4)
    rake (10.0.2)
    rb-fsevent (0.9.2)
    rest-client (1.6.7)
      mime-types (>= 1.16)
    rspec (2.12.0)
      rspec-core (~> 2.12.0)
      rspec-expectations (~> 2.12.0)
      rspec-mocks (~> 2.12.0)
    rspec-core (2.12.1)
    rspec-expectations (2.12.0)
      diff-lcs (~> 1.1.3)
    rspec-mocks (2.12.0)
    ruby-trello (0.4.4.1)
      activemodel
      addressable (~> 2.3)
      json
      oauth (~> 0.4.5)
      rest-client (~> 1.6.7)
    slop (3.3.3)
    thor (0.16.0)
    thread_safe (0.3.1)
      atomic (>= 1.1.7, < 2)
    tzinfo (0.3.39)
    wirble (0.1.3)

PLATFORMS
  ruby

DEPENDENCIES
  activemodel
  activesupport
  api_cache
  awesome_print
  factory_girl (= 2.3.2)
  guard
  guard-bundler
  guard-rspec
  json (= 1.8.2)
  moneta
  rake
  rb-fsevent (~> 0.9.1)
  rest-client
  rspec
  ruby-trello (= 0.4.4.1)
  wirble

BUNDLED WITH
   1.12.4
